PATH
  remote: .
  specs:
    sinatra-cometio (0.0.9)
      event_emitter (>= 0.2.0)
      eventmachine (>= 1.0.0)
      json (>= 1.7.0)
      rack
      sinatra (>= 1.3.3)
      sinatra-contrib (>= 1.3.2)

GEM
  remote: https://rubygems.org/
  specs:
    backports (2.6.5)
    event_emitter (0.2.2)
    eventmachine (1.0.0)
    json (1.7.6)
    rack (1.4.1)
    rack-protection (1.3.2)
      rack
    rack-test (0.6.2)
      rack (>= 1.0)
    sinatra (1.3.3)
      rack (~> 1.3, >= 1.3.6)
      rack-protection (~> 1.2)
      tilt (~> 1.3, >= 1.3.3)
    sinatra-contrib (1.3.2)
      backports (>= 2.0)
      eventmachine
      rack-protection
      rack-test
      sinatra (~> 1.3.0)
      tilt (~> 1.3)
    tilt (1.3.3)

PLATFORMS
  ruby

DEPENDENCIES
  sinatra-cometio!
