PATH
  remote: .
  specs:
    sinatra-cometio (0.6.0)
      event_emitter (>= 0.2.5)
      eventmachine (>= 1.0.0)
      httparty
      json (>= 1.7.0)
      sinatra (>= 1.3.0)
      sinatra-contrib (>= 1.3.2)

GEM
  remote: https://rubygems.org/
  specs:
    backports (3.3.4)
    daemons (1.1.9)
    event_emitter (0.2.5)
    eventmachine (1.0.3)
    haml (4.0.3)
      tilt
    httparty (0.11.0)
      multi_json (~> 1.0)
      multi_xml (>= 0.5.2)
    json (1.8.0)
    minitest (5.0.8)
    multi_json (1.8.1)
    multi_xml (0.5.5)
    rack (1.5.2)
    rack-protection (1.5.0)
      rack
    rack-test (0.6.2)
      rack (>= 1.0)
    rake (10.1.0)
    sass (3.2.12)
    sinatra (1.4.3)
      rack (~> 1.4)
      rack-protection (~> 1.4)
      tilt (~> 1.3, >= 1.3.4)
    sinatra-contrib (1.4.1)
      backports (>= 2.0)
      multi_json
      rack-protection
      rack-test
      sinatra (~> 1.4.0)
      tilt (~> 1.3)
    thin (1.6.0)
      daemons (>= 1.0.9)
      eventmachine (>= 1.0.0)
      rack (>= 1.5.0)
    tilt (1.4.1)

PLATFORMS
  ruby

DEPENDENCIES
  bundler (~> 1.3)
  haml
  minitest
  rake
  sass
  sinatra-cometio!
  thin
